GEM
  specs:
    activemodel (4.2.3)
      activesupport (= 4.2.3)
      builder (~> 3.1)
    activerecord (4.2.3)
      activemodel (= 4.2.3)
      activesupport (= 4.2.3)
      arel (~> 6.0)
    activesupport (4.2.3)
      i18n (~> 0.7)
      json (~> 1.7, >= 1.7.7)
      minitest (~> 5.1)
      thread_safe (~> 0.3, >= 0.3.4)
      tzinfo (~> 1.1)
    arel (6.0.3)
    builder (3.2.2)
    copyright-header (1.0.8)
    haml (4.0.6)
      tilt
    i18n (0.7.0)
    json (1.8.3)
    minitest (5.8.0)
    resort (0.5.0)
      activerecord (~> 4)
    sass (3.4.18)
    thread_safe (0.3.5)
    tilt (2.0.1)
    tzinfo (1.2.2)
      thread_safe (~> 0.1)

PLATFORMS
  ruby

DEPENDENCIES
  copyright-header (~> 1.0.8)
  haml (~> 4.0.6)
  resort (~> 0.5.0)
  sass (~> 3.4.15)
